GIT
  remote: git@github.com:coledot/artoo-gpio.git
  revision: 859a0cf760052015e665687b15d520c6b069f3ba
  specs:
    artoo-gpio (0.2.0)
      artoo (~> 1.2.0)

GIT
  remote: git@github.com:coledot/artoo.git
  revision: 2a01f5684e6289d8f73b58f4bc0cb92f7a6adde6
  specs:
    artoo (1.2.1)
      celluloid (~> 0.15.0)
      celluloid-io (~> 0.15.0)
      multi_json (~> 1.6)
      pry (~> 0.9)
      rake
      reel (~> 0.4.0)
      thor (~> 0.18.1)

GEM
  remote: http://rubygems.org/
  specs:
    artoo-arduino (1.2.0)
      artoo (~> 1.2.0)
      artoo-gpio
      artoo-i2c
      hybridgroup-firmata (~> 0.4.5)
    artoo-i2c (0.2.0)
      artoo (~> 1.2.0)
    celluloid (0.15.1)
      timers (~> 1.1.0)
    celluloid-io (0.15.0)
      celluloid (>= 0.15.0)
      nio4r (>= 0.5.0)
    coderay (1.0.9)
    event_emitter (0.2.5)
    http (0.5.0)
      http_parser.rb
    http_parser.rb (0.6.0.beta.2)
    hybridgroup-firmata (0.4.5)
      event_emitter
    hybridgroup-serialport (1.2.1)
    method_source (0.8.2)
    multi_json (1.8.0)
    nio4r (0.5.0)
    pry (0.9.12.2)
      coderay (~> 1.0.5)
      method_source (~> 0.8)
      slop (~> 3.4)
    rake (10.1.0)
    reel (0.4.0)
      celluloid (>= 0.15.1)
      celluloid-io (>= 0.15.0)
      http (>= 0.5.0)
      http_parser.rb (>= 0.6.0.beta.2)
      websocket_parser (>= 0.1.4)
    slop (3.4.6)
    thor (0.18.1)
    timers (1.1.0)
    websocket_parser (0.1.4)
      http

PLATFORMS
  ruby

DEPENDENCIES
  artoo!
  artoo-arduino
  artoo-gpio!
  hybridgroup-firmata
  hybridgroup-serialport
